PATH
  remote: .
  specs:
    kronic (1.1.3)

GEM
  remote: http://rubygems.org/
  specs:
    activesupport (3.0.7)
    diff-lcs (1.1.2)
    i18n (0.5.0)
    rake (0.8.7)
    rspec (2.0.1)
      rspec-core (~> 2.0.1)
      rspec-expectations (~> 2.0.1)
      rspec-mocks (~> 2.0.1)
    rspec-core (2.0.1)
    rspec-expectations (2.0.1)
      diff-lcs (>= 1.1.2)
    rspec-mocks (2.0.1)
      rspec-core (~> 2.0.1)
      rspec-expectations (~> 2.0.1)
    therubyracer (0.9.0beta3)
    timecop (0.3.5)
    tzinfo (0.3.27)

PLATFORMS
  ruby

DEPENDENCIES
  activesupport
  bundler
  i18n
  kronic!
  rake
  rspec (~> 2.0.1)
  therubyracer (>= 0.8.0.pre2)
  timecop
  tzinfo
